GEM
  remote: https://rubygems.org/
  specs:
    pycall (1.0.3)

PLATFORMS
  ruby

DEPENDENCIES
  pycall

BUNDLED WITH
   1.16.5
